GEM
  remote: https://rubygems.org/
  specs:
    charlock_holmes (0.7.3)
    fast-stemmer (1.0.2)
    json (1.8.3)
    newrelic_rpm (3.13.0.299)
    ots (0.5.4)
    puma (2.14.0)
    rack (1.6.4)
    rack-protection (1.5.3)
      rack
    sinatra (1.4.6)
      rack (~> 1.4)
      rack-protection (~> 1.4)
      tilt (>= 1.3, < 3)
    tilt (2.0.1)

PLATFORMS
  ruby

DEPENDENCIES
  charlock_holmes
  fast-stemmer
  json
  newrelic_rpm
  ots
  puma
  rack
  sinatra

BUNDLED WITH
   1.11.2
